GEM
  remote: https://rubygems.org/
  specs:
    highline (2.0.3)

PLATFORMS
  x86_64-darwin-20

DEPENDENCIES
  highline (~> 2.0)

BUNDLED WITH
   2.2.3
